GEM
  remote: http://rubygems.org/
  specs:
    ZenTest (4.4.2)
    autotest (4.4.6)
      ZenTest (>= 4.4.1)
    diff-lcs (1.1.2)
    git (1.2.5)
    jeweler (1.5.2)
      bundler (~> 1.0.0)
      git (>= 1.2.5)
      rake
    notifier (0.1.2)
    rake (0.8.7)
    rcov (0.9.9)
    rspec (2.3.0)
      rspec-core (~> 2.3.0)
      rspec-expectations (~> 2.3.0)
      rspec-mocks (~> 2.3.0)
    rspec-core (2.3.1)
    rspec-expectations (2.3.0)
      diff-lcs (~> 1.1.2)
    rspec-mocks (2.3.0)
    test_notifier (0.3.6)
      notifier
    yard (0.6.4)

PLATFORMS
  ruby

DEPENDENCIES
  autotest (~> 4.4.5)
  bundler (~> 1.0.0)
  jeweler (~> 1.5.2)
  rcov
  rspec (~> 2.3.0)
  test_notifier (~> 0.3.6)
  yard (~> 0.6.0)
